PATH
  remote: .
  specs:
    search_api (0.1.0)
      activesupport
      finance_math
      jquery-datatables

GEM
  remote: https://rubygems.org/
  specs:
    activesupport (7.0.3.1)
      concurrent-ruby (~> 1.0, >= 1.0.2)
      i18n (>= 1.6, < 2)
      minitest (>= 5.1)
      tzinfo (~> 2.0)
    concurrent-ruby (1.1.10)
    finance_math (1.0.5)
    i18n (1.12.0)
      concurrent-ruby (~> 1.0)
    jquery-datatables (1.10.20)
    minitest (5.16.2)
    rake (10.4.2)
    tzinfo (2.0.5)
      concurrent-ruby (~> 1.0)

PLATFORMS
  ruby

DEPENDENCIES
  bundler (~> 1.16)
  rake (~> 10.0)
  search_api!

BUNDLED WITH
   1.17.3
