PATH
  remote: .
  specs:
    search_api (0.1.0)
      activesupport
      finance_math
      jquery-datatables

GEM
  remote: https://rubygems.org/
  specs:
    activesupport (6.0.3.1)
      concurrent-ruby (~> 1.0, >= 1.0.2)
      i18n (>= 0.7, < 2)
      minitest (~> 5.1)
      tzinfo (~> 1.1)
      zeitwerk (~> 2.2, >= 2.2.2)
    concurrent-ruby (1.1.6)
    finance_math (1.0.5)
    i18n (1.8.2)
      concurrent-ruby (~> 1.0)
    jquery-datatables (1.10.20)
    minitest (5.14.1)
    rake (10.4.2)
    thread_safe (0.3.6)
    tzinfo (1.2.7)
      thread_safe (~> 0.1)
    zeitwerk (2.3.0)

PLATFORMS
  ruby

DEPENDENCIES
  bundler (~> 1.16)
  rake (~> 10.0)
  search_api!

BUNDLED WITH
   1.17.3
