PATH
  remote: .
  specs:
    search_api (0.1.0)
      activesupport
      finance_math
      jquery-datatables

GEM
  remote: https://rubygems.org/
  specs:
    activesupport (5.2.3)
      concurrent-ruby (~> 1.0, >= 1.0.2)
      i18n (>= 0.7, < 2)
      minitest (~> 5.1)
      tzinfo (~> 1.1)
    concurrent-ruby (1.1.5)
    finance_math (1.0.5)
    i18n (1.6.0)
      concurrent-ruby (~> 1.0)
    jquery-datatables (1.10.19.1)
    minitest (5.11.3)
    rake (10.4.2)
    thread_safe (0.3.6)
    tzinfo (1.2.5)
      thread_safe (~> 0.1)

PLATFORMS
  ruby

DEPENDENCIES
  bundler (~> 1.16)
  rake (~> 10.0)
  search_api!

BUNDLED WITH
   1.17.3
